GEM
  remote: https://rubygems.org/
  specs:
    activesupport (5.2.1)
      concurrent-ruby (~> 1.0, >= 1.0.2)
      i18n (>= 0.7, < 2)
      minitest (~> 5.1)
      tzinfo (~> 1.1)
    builder (3.2.3)
    concurrent-ruby (1.0.5)
    faraday (0.9.2)
      multipart-post (>= 1.2, < 3)
    faraday_middleware (0.9.2)
      faraday (>= 0.7.4, < 0.10)
    handlebars (0.8.0)
      handlebars-source (~> 4.0.5)
      therubyracer (~> 0.12.1)
    handlebars-source (4.0.11)
    hashie (3.5.7)
    httparty (0.16.2)
      multi_xml (>= 0.5.2)
    i18n (1.1.0)
      concurrent-ruby (~> 1.0)
    json (2.1.0)
    libv8 (3.16.14.19)
    mail (2.7.0)
      mini_mime (>= 0.1.1)
    mime-types (3.1)
      mime-types-data (~> 3.2015)
    mime-types-data (3.2016.0521)
    mini_mime (1.0.0)
    minitest (5.11.3)
    multi_xml (0.6.0)
    multipart-post (2.0.0)
    mustermann (1.0.2)
    oauth (0.5.4)
    omniauth (1.8.1)
      hashie (>= 3.4.6, < 3.6.0)
      rack (>= 1.6.2, < 3)
    pony (1.12)
      mail (>= 2.0)
    rack (2.0.5)
    rack-protection (2.0.3)
      rack
    ref (2.0.0)
    shotgun (0.9.2)
      rack (>= 1.0)
    simple_oauth (0.3.1)
    sinatra (2.0.3)
      mustermann (~> 1.0)
      rack (~> 2.0)
      rack-protection (= 2.0.3)
      tilt (~> 2.0)
    sitemap_generator (6.0.1)
      builder (~> 3.0)
    strftime (1.0.0)
    therubyracer (0.12.3)
      libv8 (~> 3.16.14.15)
      ref
    thread_safe (0.3.6)
    tilt (2.0.8)
    tumblr_client (0.8.5)
      faraday (~> 0.9.0)
      faraday_middleware (~> 0.9.0)
      json
      mime-types
      oauth
      simple_oauth
    tzinfo (1.2.5)
      thread_safe (~> 0.1)
    useragent (0.16.10)

PLATFORMS
  ruby

DEPENDENCIES
  activesupport
  handlebars
  httparty
  i18n
  json
  omniauth
  pony
  shotgun
  sinatra
  sitemap_generator
  strftime
  tumblr_client
  useragent

RUBY VERSION
   ruby 2.3.3p222

BUNDLED WITH
   1.16.0
